STORAGE: NONE
RESTRICTION: || (== net8.0) (== netstandard2.0)
NUGET
  remote: https://api.nuget.org/v3/index.json
    Aardvark.Base (5.3.14)
      Aardvark.Base.Telemetry (5.3.14)
      SingleFileExtractor.Core (>= 2.2.1 < 2.3)
      System.Collections.Immutable (>= 8.0)
      System.Reflection.Metadata (>= 8.0)
      System.Text.Json (>= 8.0.5)
    Aardvark.Base.Essentials (5.3.14)
      Aardvark.Base (5.3.14)
      System.Collections.Immutable (>= 8.0)
    Aardvark.Base.FSharp (5.3.14)
      Aardvark.Base (5.3.14)
      Aardvark.Base.TypeProviders (>= 4.5.15 < 4.6)
      FSharp.Core (>= 8.0)
      FSharp.Data.Adaptive (>= 1.2 < 1.3)
      FsPickler (>= 5.3.2 < 5.4)
      System.Dynamic.Runtime (>= 4.3 < 4.4)
    Aardvark.Base.Incremental (5.3.14)
      Aardvark.Base (5.3.14)
      Aardvark.Base.FSharp (5.3.14)
      Aardvark.Base.TypeProviders (>= 4.5.15 < 4.6)
      FSharp.Core (>= 8.0)
      FSharp.Data.Adaptive (>= 1.2 < 1.3)
      FsPickler (>= 5.3.2 < 5.4)
    Aardvark.Base.Telemetry (5.3.14)
    Aardvark.Base.Tensors (5.3.14)
      Aardvark.Base (5.3.14)
      Aardvark.Base.FSharp (5.3.14)
      FSharp.Core (>= 8.0)
    Aardvark.Base.TypeProviders (4.5.15)
      FSharp.Core (>= 4.2.3)
    Aardvark.Build (2.0.4)
    Aardvark.Rendering (5.6.0-prerelease0007)
      Aardvark.Base.Essentials (>= 5.3.14 < 5.4)
      Aardvark.Base.Incremental (>= 5.3.14 < 5.4)
      Aardvark.Base.Tensors (>= 5.3.14 < 5.4)
      Aardvark.Rendering.Common (5.6.0-prerelease0007)
      FShade.Core (>= 5.7.0-prerelease0012 < 5.8.0-prerelease)
      FShade.GLSL (>= 5.7.0-prerelease0012)
      FSharp.Core (>= 8.0)
      FSharp.Data.Adaptive (>= 1.2.19 < 1.3)
    Aardvark.Rendering.Common (5.6.0-prerelease0007)
      Aardvark.Base (>= 5.3.14)
      FSharp.Core (>= 8.0)
      System.Reflection.Emit.Lightweight (>= 4.7)
    BenchmarkDotNet (0.13.12)
      BenchmarkDotNet.Annotations (>= 0.13.12)
      CommandLineParser (>= 2.9.1)
      Gee.External.Capstone (>= 2.3)
      Iced (>= 1.17)
      Microsoft.CodeAnalysis.CSharp (>= 4.1)
      Microsoft.Diagnostics.Runtime (>= 2.2.332302)
      Microsoft.Diagnostics.Tracing.TraceEvent (>= 3.0.2)
      Microsoft.DotNet.PlatformAbstractions (>= 3.1.6)
      Microsoft.Win32.Registry (>= 5.0) - restriction: || (&& (== net8.0) (< net6.0)) (== netstandard2.0)
      Perfolizer (0.2.1)
      System.Management (>= 5.0)
      System.Numerics.Vectors (>= 4.5) - restriction: || (&& (== net8.0) (< net6.0)) (== netstandard2.0)
      System.Reflection.Emit (>= 4.7) - restriction: || (&& (== net8.0) (< net6.0)) (== netstandard2.0)
      System.Reflection.Emit.Lightweight (>= 4.7) - restriction: || (&& (== net8.0) (< net6.0)) (== netstandard2.0)
      System.Threading.Tasks.Extensions (>= 4.5.4) - restriction: || (&& (== net8.0) (< net6.0)) (== netstandard2.0)
    BenchmarkDotNet.Annotations (0.15.2)
    CommandLineParser (2.9.1)
    Expecto (10.2.3) - restriction: || (== net8.0) (&& (== netstandard2.0) (>= net6.0))
      FSharp.Core (>= 7.0.200) - restriction: || (== net8.0) (&& (== netstandard2.0) (>= net6.0))
      Mono.Cecil (>= 0.11.4 < 1.0) - restriction: || (== net8.0) (&& (== netstandard2.0) (>= net6.0))
    FShade.Core (5.7.0-prerelease0013)
      Aardvark.Base (>= 5.3.13 < 5.4)
      Aardvark.Base.FSharp (>= 5.3.13 < 5.4)
      FShade.Imperative (5.7.0-prerelease0013)
      FSharp.Core (>= 8.0)
    FShade.GLSL (5.7.0-prerelease0013)
      Aardvark.Base (>= 5.3.13 < 5.4)
      Aardvark.Base.FSharp (>= 5.3.13 < 5.4)
      FShade.Core (5.7.0-prerelease0013)
      FShade.Imperative (5.7.0-prerelease0013)
      FSharp.Core (>= 8.0)
    FShade.Imperative (5.7.0-prerelease0013)
      Aardvark.Base (>= 5.3.13 < 5.4)
      Aardvark.Base.FSharp (>= 5.3.13 < 5.4)
      FSharp.Core (>= 8.0)
      FsPickler (>= 5.3.2 < 5.4)
    FSharp.Core (8.0.100)
    FSharp.Data.Adaptive (1.2.24)
      FSharp.Core (>= 4.7)
      System.Reflection.Emit.Lightweight (>= 4.6)
    FsPickler (5.3.2)
      FSharp.Core (>= 4.3.2)
      System.Reflection.Emit.Lightweight (>= 4.3)
    FsUnit (5.6.1)
      FSharp.Core (>= 5.0.2)
      NUnit (>= 3.14 < 4.0)
    Gee.External.Capstone (2.3)
    Iced (1.21)
    Microsoft.Bcl.AsyncInterfaces (9.0.7) - restriction: || (&& (== net8.0) (>= net462)) (== netstandard2.0)
      System.Threading.Tasks.Extensions (>= 4.5.4) - restriction: || (&& (== net8.0) (>= net462)) (&& (== net8.0) (< netstandard2.1)) (== netstandard2.0)
    Microsoft.CodeAnalysis.Analyzers (4.14)
    Microsoft.CodeAnalysis.Common (4.14)
      Microsoft.CodeAnalysis.Analyzers (>= 3.11)
      System.Buffers (>= 4.5.1) - restriction: == netstandard2.0
      System.Collections.Immutable (>= 9.0)
      System.Memory (>= 4.5.5) - restriction: == netstandard2.0
      System.Numerics.Vectors (>= 4.5) - restriction: == netstandard2.0
      System.Reflection.Metadata (>= 9.0)
      System.Runtime.CompilerServices.Unsafe (>= 6.0) - restriction: == netstandard2.0
      System.Text.Encoding.CodePages (>= 7.0) - restriction: == netstandard2.0
      System.Threading.Tasks.Extensions (>= 4.5.4) - restriction: == netstandard2.0
    Microsoft.CodeAnalysis.CSharp (4.14)
      Microsoft.CodeAnalysis.Analyzers (>= 3.11)
      Microsoft.CodeAnalysis.Common (4.14)
      System.Buffers (>= 4.5.1) - restriction: == netstandard2.0
      System.Collections.Immutable (>= 9.0)
      System.Memory (>= 4.5.5) - restriction: == netstandard2.0
      System.Numerics.Vectors (>= 4.5) - restriction: == netstandard2.0
      System.Reflection.Metadata (>= 9.0)
      System.Runtime.CompilerServices.Unsafe (>= 6.0) - restriction: == netstandard2.0
      System.Text.Encoding.CodePages (>= 7.0) - restriction: == netstandard2.0
      System.Threading.Tasks.Extensions (>= 4.5.4) - restriction: == netstandard2.0
    Microsoft.CodeCoverage (17.14.1) - restriction: || (== net8.0) (&& (== netstandard2.0) (>= net462)) (&& (== netstandard2.0) (>= netcoreapp3.1))
    Microsoft.Diagnostics.NETCore.Client (0.2.621003)
      Microsoft.Bcl.AsyncInterfaces (>= 6.0) - restriction: == netstandard2.0
      Microsoft.Extensions.Logging.Abstractions (>= 6.0.4)
      System.Buffers (>= 4.5.1) - restriction: == netstandard2.0
    Microsoft.Diagnostics.Runtime (3.1.512801)
      Microsoft.Diagnostics.NETCore.Client (>= 0.2.410101)
      System.Collections.Immutable (>= 6.0) - restriction: || (&& (== net8.0) (< net6.0)) (== netstandard2.0)
      System.Runtime.CompilerServices.Unsafe (>= 6.0) - restriction: || (&& (== net8.0) (< net6.0)) (== netstandard2.0)
    Microsoft.Diagnostics.Tracing.TraceEvent (3.1.23)
      Microsoft.Diagnostics.NETCore.Client (>= 0.2.510501)
      Microsoft.Win32.Registry (>= 5.0)
      System.Collections.Immutable (>= 8.0)
      System.Reflection.Metadata (>= 8.0)
      System.Reflection.TypeExtensions (>= 4.7)
      System.Runtime.CompilerServices.Unsafe (>= 6.0)
      System.Text.Json (>= 8.0.5)
    Microsoft.DotNet.PlatformAbstractions (3.1.6)
    Microsoft.Extensions.DependencyInjection.Abstractions (9.0.7)
      Microsoft.Bcl.AsyncInterfaces (>= 9.0.7) - restriction: || (&& (== net8.0) (>= net462)) (&& (== net8.0) (< netstandard2.1)) (== netstandard2.0)
      System.Threading.Tasks.Extensions (>= 4.5.4) - restriction: || (&& (== net8.0) (>= net462)) (&& (== net8.0) (< netstandard2.1)) (== netstandard2.0)
    Microsoft.Extensions.Logging.Abstractions (9.0.7)
      Microsoft.Extensions.DependencyInjection.Abstractions (>= 9.0.7)
      System.Buffers (>= 4.5.1) - restriction: || (&& (== net8.0) (>= net462)) (== netstandard2.0)
      System.Diagnostics.DiagnosticSource (>= 9.0.7)
      System.Memory (>= 4.5.5) - restriction: || (&& (== net8.0) (>= net462)) (== netstandard2.0)
    Microsoft.NET.Test.Sdk (17.9)
      Microsoft.CodeCoverage (>= 17.9) - restriction: || (== net8.0) (&& (== netstandard2.0) (>= net462)) (&& (== netstandard2.0) (>= netcoreapp3.1))
      Microsoft.TestPlatform.TestHost (>= 17.9) - restriction: || (== net8.0) (&& (== netstandard2.0) (>= netcoreapp3.1))
    Microsoft.NETCore.Platforms (7.0.4)
    Microsoft.NETCore.Targets (5.0)
    Microsoft.TestPlatform.ObjectModel (17.14.1) - restriction: || (== net8.0) (&& (== netstandard2.0) (>= net8.0))
      System.Reflection.Metadata (>= 8.0)
    Microsoft.TestPlatform.TestHost (17.14.1) - restriction: || (== net8.0) (&& (== netstandard2.0) (>= netcoreapp3.1))
      Microsoft.TestPlatform.ObjectModel (>= 17.14.1) - restriction: || (== net8.0) (&& (== netstandard2.0) (>= net8.0))
      Newtonsoft.Json (>= 13.0.3) - restriction: || (== net8.0) (&& (== netstandard2.0) (>= net8.0))
    Microsoft.Win32.Registry (5.0)
      System.Buffers (>= 4.5.1) - restriction: || (&& (== net8.0) (>= monoandroid) (< netstandard1.3)) (&& (== net8.0) (>= monotouch)) (&& (== net8.0) (< netcoreapp2.0)) (&& (== net8.0) (>= xamarinios)) (&& (== net8.0) (>= xamarinmac)) (&& (== net8.0) (>= xamarintvos)) (&& (== net8.0) (>= xamarinwatchos)) (== netstandard2.0)
      System.Memory (>= 4.5.4) - restriction: || (&& (== net8.0) (< netcoreapp2.0)) (&& (== net8.0) (< netcoreapp2.1)) (&& (== net8.0) (>= uap10.1)) (== netstandard2.0)
      System.Security.AccessControl (>= 5.0)
      System.Security.Principal.Windows (>= 5.0)
    Mono.Cecil (0.11.6) - restriction: || (== net8.0) (&& (== netstandard2.0) (>= net6.0))
    NETStandard.Library (2.0.3)
      Microsoft.NETCore.Platforms (>= 1.1)
    Newtonsoft.Json (13.0.3) - restriction: || (== net8.0) (&& (== netstandard2.0) (>= net8.0))
    NUnit (3.14)
      NETStandard.Library (>= 2.0)
    NUnit3TestAdapter (4.5)
    Perfolizer (0.2.1)
      System.Memory (>= 4.5.3)
    SingleFileExtractor.Core (2.2.1)
      System.Memory (>= 4.5.5) - restriction: || (&& (== net8.0) (< netstandard2.1)) (== netstandard2.0)
    System.Buffers (4.6.1) - restriction: == netstandard2.0
    System.CodeDom (9.0.7)
    System.Collections (4.3)
      Microsoft.NETCore.Platforms (>= 1.1)
      Microsoft.NETCore.Targets (>= 1.1)
      System.Runtime (>= 4.3)
    System.Collections.Immutable (9.0.7)
    System.Diagnostics.Debug (4.3)
      Microsoft.NETCore.Platforms (>= 1.1)
      Microsoft.NETCore.Targets (>= 1.1)
      System.Runtime (>= 4.3)
    System.Diagnostics.DiagnosticSource (9.0.7)
      System.Memory (>= 4.5.5) - restriction: || (&& (== net8.0) (>= net462)) (== netstandard2.0)
      System.Runtime.CompilerServices.Unsafe (>= 6.0) - restriction: || (&& (== net8.0) (>= net462)) (== netstandard2.0)
    System.Dynamic.Runtime (4.3)
      System.Collections (>= 4.3)
      System.Diagnostics.Debug (>= 4.3)
      System.Linq (>= 4.3)
      System.Linq.Expressions (>= 4.3)
      System.ObjectModel (>= 4.3)
      System.Reflection (>= 4.3)
      System.Reflection.Emit (>= 4.3)
      System.Reflection.Emit.ILGeneration (>= 4.3)
      System.Reflection.Primitives (>= 4.3)
      System.Reflection.TypeExtensions (>= 4.3)
      System.Resources.ResourceManager (>= 4.3)
      System.Runtime (>= 4.3)
      System.Runtime.Extensions (>= 4.3)
      System.Threading (>= 4.3)
    System.Globalization (4.3)
      Microsoft.NETCore.Platforms (>= 1.1)
      Microsoft.NETCore.Targets (>= 1.1)
      System.Runtime (>= 4.3)
    System.IO (4.3)
      Microsoft.NETCore.Platforms (>= 1.1)
      Microsoft.NETCore.Targets (>= 1.1)
      System.Runtime (>= 4.3)
      System.Text.Encoding (>= 4.3)
      System.Threading.Tasks (>= 4.3)
    System.IO.Pipelines (9.0.7)
      System.Buffers (>= 4.5.1) - restriction: || (&& (== net8.0) (>= net462)) (== netstandard2.0)
      System.Memory (>= 4.5.5) - restriction: || (&& (== net8.0) (>= net462)) (== netstandard2.0)
      System.Threading.Tasks.Extensions (>= 4.5.4) - restriction: || (&& (== net8.0) (>= net462)) (== netstandard2.0)
    System.Linq (4.3)
      System.Collections (>= 4.3)
      System.Diagnostics.Debug (>= 4.3)
      System.Resources.ResourceManager (>= 4.3)
      System.Runtime (>= 4.3)
      System.Runtime.Extensions (>= 4.3)
    System.Linq.Expressions (4.3)
      System.Collections (>= 4.3)
      System.Diagnostics.Debug (>= 4.3)
      System.Globalization (>= 4.3)
      System.IO (>= 4.3)
      System.Linq (>= 4.3)
      System.ObjectModel (>= 4.3)
      System.Reflection (>= 4.3)
      System.Reflection.Emit (>= 4.3)
      System.Reflection.Emit.ILGeneration (>= 4.3)
      System.Reflection.Emit.Lightweight (>= 4.3)
      System.Reflection.Extensions (>= 4.3)
      System.Reflection.Primitives (>= 4.3)
      System.Reflection.TypeExtensions (>= 4.3)
      System.Resources.ResourceManager (>= 4.3)
      System.Runtime (>= 4.3)
      System.Runtime.Extensions (>= 4.3)
      System.Threading (>= 4.3)
    System.Management (9.0.7)
      System.CodeDom (>= 9.0.7)
    System.Memory (4.6.3)
      System.Buffers (>= 4.6.1) - restriction: || (&& (== net8.0) (>= net462)) (&& (== net8.0) (< netcoreapp2.1) (< netstandard2.1)) (== netstandard2.0)
      System.Numerics.Vectors (>= 4.6.1) - restriction: || (&& (== net8.0) (>= net462)) (&& (== net8.0) (< netcoreapp2.1) (< netstandard2.1)) (== netstandard2.0)
      System.Runtime.CompilerServices.Unsafe (>= 6.1.2) - restriction: || (&& (== net8.0) (>= net462)) (&& (== net8.0) (< netcoreapp2.1) (< netstandard2.1)) (== netstandard2.0)
    System.Numerics.Vectors (4.6.1) - restriction: || (&& (== net8.0) (< net6.0)) (== netstandard2.0)
    System.ObjectModel (4.3)
      System.Collections (>= 4.3)
      System.Diagnostics.Debug (>= 4.3)
      System.Resources.ResourceManager (>= 4.3)
      System.Runtime (>= 4.3)
      System.Threading (>= 4.3)
    System.Reflection (4.3)
      Microsoft.NETCore.Platforms (>= 1.1)
      Microsoft.NETCore.Targets (>= 1.1)
      System.IO (>= 4.3)
      System.Reflection.Primitives (>= 4.3)
      System.Runtime (>= 4.3)
    System.Reflection.Emit (4.7)
      System.Reflection.Emit.ILGeneration (>= 4.7) - restriction: || (&& (== net8.0) (< netcoreapp2.0) (< netstandard2.1)) (&& (== net8.0) (< netstandard1.1)) (&& (== net8.0) (< netstandard2.0)) (&& (== net8.0) (>= uap10.1)) (== netstandard2.0)
    System.Reflection.Emit.ILGeneration (4.7)
    System.Reflection.Emit.Lightweight (4.7)
      System.Reflection.Emit.ILGeneration (>= 4.7) - restriction: || (&& (== net8.0) (< netcoreapp2.0) (< netstandard2.1)) (&& (== net8.0) (< netstandard2.0)) (&& (== net8.0) (< portable-net45+wp8)) (&& (== net8.0) (>= uap10.1)) (== netstandard2.0)
    System.Reflection.Extensions (4.3)
      Microsoft.NETCore.Platforms (>= 1.1)
      Microsoft.NETCore.Targets (>= 1.1)
      System.Reflection (>= 4.3)
      System.Runtime (>= 4.3)
    System.Reflection.Metadata (9.0.7)
      System.Collections.Immutable (>= 9.0.7)
      System.Memory (>= 4.5.5) - restriction: || (&& (== net8.0) (>= net462)) (== netstandard2.0)
    System.Reflection.Primitives (4.3)
      Microsoft.NETCore.Platforms (>= 1.1)
      Microsoft.NETCore.Targets (>= 1.1)
      System.Runtime (>= 4.3)
    System.Reflection.TypeExtensions (4.7)
    System.Resources.ResourceManager (4.3)
      Microsoft.NETCore.Platforms (>= 1.1)
      Microsoft.NETCore.Targets (>= 1.1)
      System.Globalization (>= 4.3)
      System.Reflection (>= 4.3)
      System.Runtime (>= 4.3)
    System.Runtime (4.3.1)
      Microsoft.NETCore.Platforms (>= 1.1.1)
      Microsoft.NETCore.Targets (>= 1.1.3)
    System.Runtime.CompilerServices.Unsafe (6.1.2)
    System.Runtime.Extensions (4.3.1)
      Microsoft.NETCore.Platforms (>= 1.1.1)
      Microsoft.NETCore.Targets (>= 1.1.3)
      System.Runtime (>= 4.3.1)
    System.Security.AccessControl (6.0.1) - restriction: || (&& (== net8.0) (>= monoandroid) (< netstandard1.3)) (&& (== net8.0) (>= monotouch)) (&& (== net8.0) (>= net461)) (&& (== net8.0) (< net6.0)) (&& (== net8.0) (< netcoreapp2.0)) (&& (== net8.0) (>= uap10.1)) (== netstandard2.0)
      System.Security.Principal.Windows (>= 5.0) - restriction: || (&& (== net8.0) (>= net461)) (&& (== net8.0) (< net6.0)) (== netstandard2.0)
    System.Security.Principal.Windows (5.0) - restriction: || (&& (== net8.0) (>= monoandroid) (< netstandard1.3)) (&& (== net8.0) (>= monotouch)) (&& (== net8.0) (>= net461)) (&& (== net8.0) (< net6.0)) (&& (== net8.0) (< netcoreapp2.0)) (&& (== net8.0) (>= uap10.1)) (== netstandard2.0)
    System.Text.Encoding (4.3)
      Microsoft.NETCore.Platforms (>= 1.1)
      Microsoft.NETCore.Targets (>= 1.1)
      System.Runtime (>= 4.3)
    System.Text.Encoding.CodePages (9.0.7) - restriction: == netstandard2.0
      System.Memory (>= 4.5.5) - restriction: || (&& (== net8.0) (>= net462)) (== netstandard2.0)
      System.Runtime.CompilerServices.Unsafe (>= 6.0) - restriction: || (&& (== net8.0) (>= net462)) (== netstandard2.0)
    System.Text.Encodings.Web (9.0.7)
      System.Buffers (>= 4.5.1) - restriction: || (&& (== net8.0) (>= net462)) (== netstandard2.0)
      System.Memory (>= 4.5.5) - restriction: || (&& (== net8.0) (>= net462)) (== netstandard2.0)
      System.Runtime.CompilerServices.Unsafe (>= 6.0) - restriction: || (&& (== net8.0) (>= net462)) (== netstandard2.0)
    System.Text.Json (9.0.7)
      Microsoft.Bcl.AsyncInterfaces (>= 9.0.7) - restriction: || (&& (== net8.0) (>= net462)) (== netstandard2.0)
      System.Buffers (>= 4.5.1) - restriction: || (&& (== net8.0) (>= net462)) (== netstandard2.0)
      System.IO.Pipelines (>= 9.0.7)
      System.Memory (>= 4.5.5) - restriction: || (&& (== net8.0) (>= net462)) (== netstandard2.0)
      System.Runtime.CompilerServices.Unsafe (>= 6.0) - restriction: || (&& (== net8.0) (>= net462)) (== netstandard2.0)
      System.Text.Encodings.Web (>= 9.0.7)
      System.Threading.Tasks.Extensions (>= 4.5.4) - restriction: || (&& (== net8.0) (>= net462)) (== netstandard2.0)
    System.Threading (4.3)
      System.Runtime (>= 4.3)
      System.Threading.Tasks (>= 4.3)
    System.Threading.Tasks (4.3)
      Microsoft.NETCore.Platforms (>= 1.1)
      Microsoft.NETCore.Targets (>= 1.1)
      System.Runtime (>= 4.3)
    System.Threading.Tasks.Extensions (4.6.3) - restriction: || (&& (== net8.0) (< net6.0)) (== netstandard2.0)
      System.Runtime.CompilerServices.Unsafe (>= 6.1.2) - restriction: || (&& (== net8.0) (>= net462)) (&& (== net8.0) (< netcoreapp2.1) (< netstandard2.1)) (== netstandard2.0)
    YoloDev.Expecto.TestSdk (0.14.3)
      Expecto (>= 10.0 < 11.0) - restriction: || (== net8.0) (&& (== netstandard2.0) (>= net6.0))
      FSharp.Core (>= 7.0.200) - restriction: || (== net8.0) (&& (== netstandard2.0) (>= net6.0))
      System.Collections.Immutable (>= 6.0) - restriction: || (== net8.0) (&& (== netstandard2.0) (>= net6.0))
